GEM
  remote: https://rubygems.org/
  specs:
    mustermann (3.0.0)
      ruby2_keywords (~> 0.0.1)
    rack (2.2.7)
    rack-protection (3.0.6)
      rack
    ruby2_keywords (0.0.5)
    sinatra (3.0.6)
      mustermann (~> 3.0)
      rack (~> 2.2, >= 2.2.4)
      rack-protection (= 3.0.6)
      tilt (~> 2.0)
    sinatra-cross_origin (0.3.2)
    tilt (2.1.0)

PLATFORMS
  x86_64-linux

DEPENDENCIES
  sinatra
  sinatra-cross_origin (~> 0.3.1)

RUBY VERSION
   ruby 3.2.2p53

BUNDLED WITH
   2.4.10
